PATH
  remote: gems/volt-editable_text
  specs:
    volt-editable_text (0.0.9)

GEM
  remote: https://rubygems.org/
  specs:
    ansi (1.5.0)
    archive-zip (0.7.0)
      io-like (~> 0.3.0)
    ast (2.4.0)
    bcrypt (3.1.12)
    bson (3.2.7)
    byebug (11.0.1)
    capybara (2.4.4)
      mime-types (>= 1.16)
      nokogiri (>= 1.3.3)
      rack (>= 1.0.0)
      rack-test (>= 0.5.4)
      xpath (~> 2.0)
    celluloid (0.17.4)
      celluloid-essentials
      celluloid-extras
      celluloid-fsm
      celluloid-pool
      celluloid-supervision
      timers (>= 4.1.1)
    celluloid-essentials (0.20.5)
      timers (>= 4.1.1)
    celluloid-extras (0.20.5)
      timers (>= 4.1.1)
    celluloid-fsm (0.20.5)
      timers (>= 4.1.1)
    celluloid-pool (0.20.5)
      timers (>= 4.1.1)
    celluloid-supervision (0.20.6)
      timers (>= 4.1.1)
    childprocess (0.9.0)
      ffi (~> 1.0, >= 1.0.11)
    chromedriver-helper (1.0.0)
      archive-zip (~> 0.7.0)
      nokogiri (~> 1.6)
    cliver (0.3.2)
    coderay (1.1.2)
    concurrent-ruby (0.8.0)
      ref (~> 1.0, >= 1.0.5)
    concurrent-ruby-ext (0.8.0)
      concurrent-ruby (~> 0.8.0)
    configurations (2.0.0)
    csso-rails (0.3.4)
      execjs (>= 1)
    daemons (1.3.1)
    diff-lcs (1.3)
    eventmachine (1.2.7)
    execjs (2.7.0)
    exifr (1.3.6)
    faye-websocket (0.10.7)
      eventmachine (>= 0.12.0)
      websocket-driver (>= 0.5.1)
    ffi (1.10.0)
    fspath (3.1.0)
    hike (1.2.3)
    image_optim (0.26.3)
      exifr (~> 1.2, >= 1.2.2)
      fspath (~> 3.0)
      image_size (>= 1.5, < 3)
      in_threads (~> 1.3)
      progress (~> 3.0, >= 3.0.1)
    image_optim_pack (0.5.1.20190105)
      fspath (>= 2.1, < 4)
      image_optim (~> 0.19)
    image_size (2.0.0)
    in_threads (1.5.1)
    io-like (0.3.0)
    listen (3.0.8)
      rb-fsevent (~> 0.9, >= 0.9.4)
      rb-inotify (~> 0.9, >= 0.9.7)
    mail (2.7.1)
      mini_mime (>= 0.1.1)
    method_source (0.8.2)
    mime-types (3.2.2)
      mime-types-data (~> 3.2015)
    mime-types-data (3.2018.0812)
    mini_mime (1.0.1)
    mini_portile2 (2.4.0)
    mongo (2.1.2)
      bson (~> 3.0)
    multi_json (1.13.1)
    nokogiri (1.10.5)
      mini_portile2 (~> 2.4.0)
    oga (2.15)
      ast
      ruby-ll (~> 2.1)
    opal (0.8.1)
      hike (~> 1.2)
      sourcemap (~> 0.1.0)
      sprockets (~> 3.1)
      tilt (>= 1.4)
    opal-rspec (0.4.3)
      opal (>= 0.7.0, < 0.9)
    poltergeist (1.6.0)
      capybara (~> 2.1)
      cliver (~> 0.3.1)
      multi_json (~> 1.0)
      websocket-driver (>= 0.2.0)
    pony (1.13)
      mail (>= 2.0)
    progress (3.5.0)
    pry (0.10.4)
      coderay (~> 1.1.0)
      method_source (~> 0.8.1)
      slop (~> 3.4)
    pry-byebug (3.7.0)
      byebug (~> 11.0)
      pry (~> 0.10)
    rack (1.5.5)
    rack-test (1.1.0)
      rack (>= 1.0, < 3)
    rb-fsevent (0.10.3)
    rb-inotify (0.10.0)
      ffi (~> 1.0)
    rbnacl (6.0.1)
      ffi
    rbnacl-libsodium (1.0.16)
      rbnacl (>= 3.0.1)
    ref (1.0.5)
    rspec (3.2.0)
      rspec-core (~> 3.2.0)
      rspec-expectations (~> 3.2.0)
      rspec-mocks (~> 3.2.0)
    rspec-core (3.2.3)
      rspec-support (~> 3.2.0)
    rspec-expectations (3.2.1)
      diff-lcs (>= 1.2.0, < 2.0)
      rspec-support (~> 3.2.0)
    rspec-mocks (3.2.1)
      diff-lcs (>= 1.2.0, < 2.0)
      rspec-support (~> 3.2.0)
    rspec-support (3.2.2)
    ruby-ll (2.1.2)
      ansi
      ast
    rubyzip (1.2.2)
    sass (3.4.25)
    selenium-webdriver (2.47.1)
      childprocess (~> 0.5)
      multi_json (~> 1.0)
      rubyzip (~> 1.0)
      websocket (~> 1.0)
    slop (3.6.0)
    sourcemap (0.1.1)
    sprockets (3.4.1)
      rack (> 1, < 3)
    sprockets-helpers (1.2.1)
      sprockets (>= 2.2)
    thin (1.6.4)
      daemons (~> 1.0, >= 1.0.9)
      eventmachine (~> 1.0, >= 1.0.4)
      rack (~> 1.0)
    thor (0.19.4)
    tilt (2.0.9)
    timers (4.3.0)
    uglifier (4.1.20)
      execjs (>= 0.3.0, < 3)
    volt (0.9.6)
      bcrypt (~> 3.1.9)
      bundler (>= 1.5)
      concurrent-ruby (= 0.8.0)
      configurations (~> 2.0.0.pre)
      faye-websocket (~> 0.10.0)
      listen (~> 3.0.1)
      opal (>= 0.8.0, < 0.9)
      pry (~> 0.10.1)
      rack (~> 1.5.0)
      sass (~> 3.4.15)
      sprockets-helpers (~> 1.2.1)
      thor (~> 0.19.0)
    volt-bootstrap (0.1.0)
    volt-bootstrap_jumbotron_theme (0.1.0)
    volt-code_highlight (0.2.0)
    volt-fields (0.1.3)
    volt-mailer (0.1.2)
      pony (~> 1.11)
    volt-mongo (0.1.4)
      mongo (~> 2.1.2)
    volt-user_templates (0.4.0)
      volt-fields (~> 0.1.0)
      volt-mailer (~> 0.1.0)
    websocket (1.2.8)
    websocket-driver (0.7.0)
      websocket-extensions (>= 0.1.0)
    websocket-extensions (0.1.3)
    xpath (2.1.0)
      nokogiri (~> 1.3)

PLATFORMS
  ruby

DEPENDENCIES
  capybara (~> 2.4.4)
  celluloid
  chromedriver-helper (~> 1.0.0)
  concurrent-ruby-ext (~> 0.8.0)
  csso-rails (~> 0.3.4)
  image_optim
  image_optim_pack
  oga
  opal-rspec (~> 0.4.2)
  poltergeist (~> 1.6.0)
  pry-byebug
  rbnacl
  rbnacl-libsodium
  rspec (~> 3.2.0)
  selenium-webdriver (~> 2.47.1)
  thin (~> 1.6.0)
  uglifier (>= 2.4.0)
  volt (= 0.9.6)
  volt-bootstrap (~> 0.1.0)
  volt-bootstrap_jumbotron_theme (~> 0.1.0)
  volt-code_highlight
  volt-editable_text!
  volt-mailer (~> 0.1.1)
  volt-mongo (~> 0.1.0)
  volt-user_templates (~> 0.4.0)

BUNDLED WITH
   1.17.3
